GEM
  remote: https://rubygems.org/
  specs:
    activemodel (5.0.0.1)
      activesupport (= 5.0.0.1)
    activerecord (5.0.0.1)
      activemodel (= 5.0.0.1)
      activesupport (= 5.0.0.1)
      arel (~> 7.0)
    activesupport (5.0.0.1)
      concurrent-ruby (~> 1.0, >= 1.0.2)
      i18n (~> 0.7)
      minitest (~> 5.1)
      tzinfo (~> 1.1)
    arel (7.1.2)
    bcrypt (3.1.10)
    concurrent-ruby (1.0.2)
    faker (1.6.6)
      i18n (~> 0.5)
    i18n (0.7.0)
    kgio (2.10.0)
    minitest (5.9.1)
    newrelic_rpm (3.17.1.326)
    pg (0.19.0)
    puma (3.1.0)
    rack (1.6.4)
    rack-protection (1.5.3)
      rack
    raindrops (0.17.0)
    sinatra (1.4.7)
      rack (~> 1.5)
      rack-protection (~> 1.4)
      tilt (>= 1.3, < 3)
    sinatra-activerecord (2.0.10)
      activerecord (>= 3.2)
      sinatra (~> 1.0)
    thread_safe (0.3.5)
    tilt (2.0.5)
    tzinfo (1.2.2)
      thread_safe (~> 0.1)
    unicorn (5.2.0)
      kgio (~> 2.6)
      raindrops (~> 0.7)

PLATFORMS
  ruby

DEPENDENCIES
  activerecord
  bcrypt
  faker
  newrelic_rpm
  pg
  puma
  sinatra
  sinatra-activerecord
  unicorn

BUNDLED WITH
   1.11.2
